GEM
  remote: http://rubygems.org/
  specs:
    actionmailer (2.3.5)
      actionpack (= 2.3.5)
    actionpack (2.3.5)
      activesupport (= 2.3.5)
      rack (~> 1.0.0)
    activerecord (2.3.5)
      activesupport (= 2.3.5)
    activeresource (2.3.5)
      activesupport (= 2.3.5)
    activesupport (2.3.5)
    crack (0.1.8)
    facebooker2 (0.0.5)
      mogli (>= 0.0.12)
      ruby-hmac
    hashie (0.4.0)
    httparty (0.6.1)
      crack (= 0.1.8)
    mogli (0.0.15)
      hashie (>= 0.2.0)
      httparty (>= 0.4.3)
    rack (1.0.1)
    rails (2.3.5)
      actionmailer (= 2.3.5)
      actionpack (= 2.3.5)
      activerecord (= 2.3.5)
      activeresource (= 2.3.5)
      activesupport (= 2.3.5)
      rake (>= 0.8.3)
    rake (0.8.7)
    ruby-hmac (0.4.0)

PLATFORMS
  ruby

DEPENDENCIES
  facebooker2
  rails (= 2.3.5)
